GEM
  remote: https://rubygems.org/
  specs:
    chunky_png (1.3.8)
    chunky_text (0.3.1)
      chunky_png (~> 1.3)

PLATFORMS
  ruby

DEPENDENCIES
  chunky_png (~> 1.3, >= 1.3.8)
  chunky_text (~> 0.3.1)

BUNDLED WITH
   1.14.6
