GEM
  remote: https://rubygems.org/
  specs:
    ast (2.3.0)
    multi_json (1.15.0)
    mustermann (3.0.0)
      ruby2_keywords (~> 0.0.1)
    parser (2.4.0.0)
      ast (~> 2.2)
    powerpack (0.1.1)
    rack (2.2.4)
    rack-protection (3.0.4)
      rack
    rainbow (2.2.1)
    rake (12.3.3)
    rubocop (0.48.1)
      parser (>= 2.3.3.1, < 3.0)
      powerpack (~> 0.1)
      rainbow (>= 1.99.1, < 3.0)
      ruby-progressbar (~> 1.7)
      unicode-display_width (~> 1.0, >= 1.0.1)
    ruby-progressbar (1.8.1)
    ruby2_keywords (0.0.5)
    sinatra (3.0.4)
      mustermann (~> 3.0)
      rack (~> 2.2, >= 2.2.4)
      rack-protection (= 3.0.4)
      tilt (~> 2.0)
    sinatra-contrib (3.0.4)
      multi_json
      mustermann (~> 3.0)
      rack-protection (= 3.0.4)
      sinatra (= 3.0.4)
      tilt (~> 2.0)
    tilt (2.0.11)
    unicode-display_width (1.2.1)

PLATFORMS
  ruby

DEPENDENCIES
  rake
  rubocop
  sinatra
  sinatra-contrib

BUNDLED WITH
   1.14.6
